GEM
  remote: http://rubygems.org/
  specs:
    metaclass (0.0.1)
    mocha (0.10.5)
      metaclass (~> 0.0.1)
    serialport (1.0.4)

PLATFORMS
  ruby

DEPENDENCIES
  mocha
  serialport
